GEM
  remote: https://rubygems.org/
  specs:
    aws-eventstream (1.0.1)
    aws-partitions (1.127.0)
    aws-sdk-core (3.44.1)
      aws-eventstream (~> 1.0)
      aws-partitions (~> 1.0)
      aws-sigv4 (~> 1.0)
      jmespath (~> 1.0)
    aws-sdk-sqs (1.10.0)
      aws-sdk-core (~> 3, >= 3.39.0)
      aws-sigv4 (~> 1.0)
    aws-sigv4 (1.0.3)
    declarative (0.0.10)
    declarative-option (0.1.0)
    econfig (2.1.0)
    jmespath (1.4.0)
    multi_json (1.13.1)
    representable (3.0.4)
      declarative (< 0.1.0)
      declarative-option (< 0.2.0)
      uber (< 0.2.0)
    roar (1.1.0)
      representable (~> 3.0.0)
    uber (0.1.0)

PLATFORMS
  ruby

DEPENDENCIES
  aws-sdk-sqs (~> 1)
  econfig
  multi_json
  roar

RUBY VERSION
   ruby 2.5.3p105

BUNDLED WITH
   1.16.6
